GIT
  remote: https://github.com/bcg/em-mongo.git
  revision: f2ce7bac22928c1d5fee6da565653b52669a10bc
  specs:
    em-mongo (0.4.2)
      bson (>= 1.1.3)
      eventmachine (>= 0.12.10)

GIT
  remote: https://github.com/igrigorik/em-http-request.git
  revision: 6b3b1a429aea4af25f49b954262696d435265552
  specs:
    em-http-request (1.0.2)
      addressable (>= 2.2.3)
      cookiejar
      em-socksify
      eventmachine (>= 1.0.0.beta.4)
      http_parser.rb (>= 0.5.3)

GEM
  remote: http://rubygems.org/
  specs:
    addressable (2.2.7)
    archive-tar-minitar (0.5.2)
    async-rack (0.5.1)
      rack (~> 1.1)
    bson (1.6.2)
    bson_ext (1.6.2)
      bson (~> 1.6.2)
    builder (3.0.0)
    capistrano (2.12.0)
      highline
      net-scp (>= 1.0.0)
      net-sftp (>= 2.0.0)
      net-ssh (>= 2.0.14)
      net-ssh-gateway (>= 1.1.0)
    capistrano-ext (1.2.1)
      capistrano (>= 1.0.0)
    childprocess (0.3.1)
      ffi (~> 1.0.6)
    cobravsmongoose (0.0.2)
    coderay (1.0.6)
    columnize (0.3.6)
    cookiejar (0.3.0)
    cucumber (1.1.9)
      builder (>= 2.1.2)
      diff-lcs (>= 1.1.2)
      gherkin (~> 2.9.0)
      json (>= 1.4.6)
      term-ansicolor (>= 1.0.6)
    diff-lcs (1.1.3)
    em-socksify (0.2.0)
      eventmachine (>= 1.0.0.beta.4)
    em-synchrony (1.0.1)
      eventmachine (>= 1.0.0.beta.1)
    eventmachine (1.0.0.beta.4)
    ffi (1.0.11)
    gherkin (2.9.3)
      json (>= 1.4.6)
    goliath (0.9.4)
      async-rack
      em-synchrony (>= 1.0.0)
      eventmachine (>= 1.0.0.beta.3)
      http_parser.rb
      http_router (~> 0.9.0)
      log4r
      multi_json
      rack (>= 1.2.2)
      rack-contrib
      rack-respond_to
    highline (1.6.11)
    http_parser.rb (0.5.3)
    http_router (0.9.7)
      rack (>= 1.0.0)
      url_mount (~> 0.2.1)
    httparty (0.8.2)
      multi_json
      multi_xml
    json (1.6.6)
    json_spec (1.0.3)
      multi_json (~> 1.0)
      rspec (~> 2.0)
    linecache19 (0.5.12)
      ruby_core_source (>= 0.1.4)
    log4r (1.1.10)
    method_source (0.7.1)
    mongo (1.6.2)
      bson (~> 1.6.2)
    multi_json (1.3.2)
    multi_xml (0.4.4)
    net-scp (1.0.4)
      net-ssh (>= 1.99.1)
    net-sftp (2.0.5)
      net-ssh (>= 2.0.9)
    net-ssh (2.3.0)
    net-ssh-gateway (1.1.0)
      net-ssh (>= 1.99.1)
    pry (0.9.9.3)
      coderay (~> 1.0.5)
      method_source (~> 0.7.1)
      slop (>= 2.4.4, < 3)
    rack (1.4.1)
    rack-accept-media-types (0.9)
    rack-contrib (1.1.0)
      rack (>= 0.9.1)
    rack-respond_to (0.9.8)
      rack-accept-media-types (>= 0.6)
    redcarpet (2.1.1)
    rspec (2.9.0)
      rspec-core (~> 2.9.0)
      rspec-expectations (~> 2.9.0)
      rspec-mocks (~> 2.9.0)
    rspec-core (2.9.0)
    rspec-expectations (2.9.1)
      diff-lcs (~> 1.1.3)
    rspec-mocks (2.9.0)
    ruby-debug-base19 (0.11.25)
      columnize (>= 0.3.1)
      linecache19 (>= 0.5.11)
      ruby_core_source (>= 0.1.4)
    ruby-debug19 (0.11.6)
      columnize (>= 0.3.1)
      linecache19 (>= 0.5.11)
      ruby-debug-base19 (>= 0.11.19)
    ruby_core_source (0.1.5)
      archive-tar-minitar (>= 0.5.2)
    slop (2.4.4)
    term-ansicolor (1.0.7)
    thor (0.14.6)
    url_mount (0.2.1)
      rack
    yajl-ruby (1.1.0)
    yard (0.7.5)

PLATFORMS
  ruby

DEPENDENCIES
  bson_ext
  capistrano
  capistrano-ext
  childprocess
  cobravsmongoose
  cucumber
  em-http-request!
  em-mongo!
  goliath (= 0.9.4)
  httparty
  json_spec
  mongo
  pry
  redcarpet
  rspec
  ruby-debug19
  thor
  yajl-ruby
  yard
